GEM
  remote: https://rubygems.org/
  specs:
    addressable (2.3.6)
    capistrano (3.2.1)
      i18n
      rake (>= 10.0.0)
      sshkit (~> 1.3)
    capistrano-bundler (1.1.3)
      capistrano (~> 3.1)
      sshkit (~> 1.2)
    capistrano3-unicorn (0.2.1)
      capistrano (~> 3.1, >= 3.1.0)
    colorize (0.7.3)
    htmlentities (4.3.2)
    i18n (0.6.11)
    json (1.8.1)
    kgio (2.9.2)
    multi_json (1.10.1)
    net-scp (1.2.1)
      net-ssh (>= 2.6.5)
    net-ssh (2.9.1)
    rack (1.5.2)
    rack-protection (1.5.3)
      rack
    raindrops (0.13.0)
    rake (10.3.2)
    rmagick (2.13.3)
    sinatra (1.4.5)
      rack (~> 1.4)
      rack-protection (~> 1.4)
      tilt (~> 1.3, >= 1.3.4)
    sshkit (1.5.1)
      colorize
      net-scp (>= 1.1.2)
      net-ssh (>= 2.8.0)
    tilt (1.4.1)
    tubemp (0.7.1)
      json (~> 1.7)
      rmagick (~> 2.13)
      sinatra (~> 1.4)
      video_info (~> 1.1)
    unicorn (4.8.3)
      kgio (~> 2.6)
      rack
      raindrops (~> 0.7)
    video_info (1.6.0)
      addressable
      htmlentities
      multi_json

PLATFORMS
  ruby

DEPENDENCIES
  capistrano
  capistrano-bundler (~> 1.1)
  capistrano3-unicorn (~> 0.2)
  tubemp
  unicorn
